GEM
  remote: https://rubygems.org/
  specs:
    mini_portile (0.6.0)
    net-ldap (0.7.0)
    nokogiri (1.6.3.1)
      mini_portile (= 0.6.0)
    parallel (1.3.1)

PLATFORMS
  ruby

DEPENDENCIES
  net-ldap
  nokogiri
  parallel
